NUGET
  remote: https://www.nuget.org/api/v2
  specs:
    Angara.Chart (0.2)
      Angara.Serialization
    Angara.Serialization (0.2)
    Angara.Serialization.Json (0.2)
      Angara.Serialization (>= 0.2)
      Newtonsoft.Json (>= 8.0.3)
    Angara.Statistics (0.1.4)
      Angara.Serialization
    Angara.Table (0.2.2)
      Angara.Serialization (>= 0.2 < 0.3)
      Angara.Statistics (>= 0.1 < 1.0)
      System.Collections.Immutable (1.1.36)
    DotNetZip (1.10.1)
    FSharp.Core (4.0.1.5)
      Microsoft.NETCore.Platforms (>= 1.0.1) - framework: netstandard15
      NETStandard.Library (>= 1.6) - framework: netstandard15
      System.Linq.Expressions (>= 4.1) - framework: netstandard15
      System.Linq.Queryable (>= 4.0.1) - framework: netstandard15
      System.Net.Requests (>= 4.0.11) - framework: netstandard15
      System.Reflection.Emit (>= 4.0.1) - framework: netstandard15
      System.Reflection.TypeExtensions (>= 4.1) - framework: netstandard15
      System.Runtime.Loader (>= 4.0) - framework: netstandard15
      System.Threading.Tasks.Parallel (>= 4.0.1) - framework: netstandard15
      System.Threading.Thread (>= 4.0) - framework: netstandard15
      System.Threading.ThreadPool (>= 4.0.10) - framework: netstandard15
    Microsoft.NETCore.Platforms (1.0.1) - framework: netstandard15
    NETStandard.Library (1.6) - framework: netstandard15
    Newtonsoft.Json (8.0.3)
    Suave (1.1.3)
      FSharp.Core (>= 3.1.2.5)
    System.Collections.Immutable (1.1.36)
    System.Linq.Expressions (4.1) - framework: netstandard15
    System.Linq.Queryable (4.0.1) - framework: netstandard15
    System.Net.Requests (4.0.11) - framework: netstandard15
    System.Reflection.Emit (4.0.1) - framework: netstandard15
    System.Reflection.TypeExtensions (4.1) - framework: netstandard15
    System.Runtime.Loader (4.0) - framework: netstandard15
    System.Threading.Tasks.Parallel (4.0.1) - framework: netstandard15
    System.Threading.Thread (4.0) - framework: netstandard15
    System.Threading.ThreadPool (4.0.10) - framework: netstandard15

GROUP Test
NUGET
  remote: https://www.nuget.org/api/v2
  specs:
    FsCheck (2.5)
      FSharp.Core (>= 3.1.2.5)
    FsCheck.Nunit (2.5)
      FsCheck (>= 2.5)
      NUnit (>= 2.6.4 < 2.7)
      NUnit.Runners (>= 2.6.4 < 2.7)
    FSharp.Core (4.0.1.5)
      Microsoft.NETCore.Platforms (>= 1.0.1) - framework: netstandard15
      NETStandard.Library (>= 1.6) - framework: netstandard15
      System.Linq.Expressions (>= 4.1) - framework: netstandard15
      System.Linq.Queryable (>= 4.0.1) - framework: netstandard15
      System.Net.Requests (>= 4.0.11) - framework: netstandard15
      System.Reflection.Emit (>= 4.0.1) - framework: netstandard15
      System.Reflection.TypeExtensions (>= 4.1) - framework: netstandard15
      System.Runtime.Loader (>= 4.0) - framework: netstandard15
      System.Threading.Tasks.Parallel (>= 4.0.1) - framework: netstandard15
      System.Threading.Thread (>= 4.0) - framework: netstandard15
      System.Threading.ThreadPool (>= 4.0.10) - framework: netstandard15
    FsUnit (1.4.1)
      FSharp.Core (>= 3.1.2.5)
      NUnit (2.6.4)
    Microsoft.NETCore.Platforms (1.0.1) - framework: netstandard15
    NETStandard.Library (1.6) - framework: netstandard15
    NUnit (2.6.4)
    NUnit.Runners (2.6.4)
    System.Linq.Expressions (4.1) - framework: netstandard15
    System.Linq.Queryable (4.0.1) - framework: netstandard15
    System.Net.Requests (4.0.11) - framework: netstandard15
    System.Reflection.Emit (4.0.1) - framework: netstandard15
    System.Reflection.TypeExtensions (4.1) - framework: netstandard15
    System.Runtime.Loader (4.0) - framework: netstandard15
    System.Threading.Tasks.Parallel (4.0.1) - framework: netstandard15
    System.Threading.Thread (4.0) - framework: netstandard15
    System.Threading.ThreadPool (4.0.10) - framework: netstandard15
    Unquote (3.1.1)
